PATH
  remote: .
  specs:
    bitflyer-cli (0.5.0)
      bitflyer (>= 1.0.0, < 1.1.0)
      colorize (~> 0.8.1)
      thor (>= 0.20, < 1.1)

GEM
  remote: https://rubygems.org/
  specs:
    bitflyer (1.0.0)
      faraday (~> 0.14.0)
      faraday_middleware (~> 0.12.0)
      websocket-client-simple (~> 0.3.0)
    colorize (0.8.1)
    diff-lcs (1.4.4)
    event_emitter (0.2.6)
    faraday (0.14.0)
      multipart-post (>= 1.2, < 3)
    faraday_middleware (0.12.2)
      faraday (>= 0.7.4, < 1.0)
    multipart-post (2.1.1)
    rake (13.0.1)
    rspec (3.9.0)
      rspec-core (~> 3.9.0)
      rspec-expectations (~> 3.9.0)
      rspec-mocks (~> 3.9.0)
    rspec-core (3.9.3)
      rspec-support (~> 3.9.3)
    rspec-expectations (3.9.2)
      diff-lcs (>= 1.2.0, < 2.0)
      rspec-support (~> 3.9.0)
    rspec-mocks (3.9.1)
      diff-lcs (>= 1.2.0, < 2.0)
      rspec-support (~> 3.9.0)
    rspec-support (3.9.3)
    thor (1.0.1)
    websocket (1.2.8)
    websocket-client-simple (0.3.0)
      event_emitter
      websocket

PLATFORMS
  ruby

DEPENDENCIES
  bitflyer-cli!
  bundler (~> 2.0)
  rake
  rspec

BUNDLED WITH
   1.17.3
