PATH
  remote: .
  specs:
    bitflyer-cli (0.5.0)
      bitflyer (>= 1.0.0, < 1.5.0)
      colorize (~> 0.8.1)
      thor (>= 0.20, < 1.2)

GEM
  remote: https://rubygems.org/
  specs:
    bitflyer (1.4.0)
      faraday (>= 0.14, < 1.5)
      faraday_middleware (>= 0.12, < 1.1)
      websocket-client-simple (~> 0.3.0)
    colorize (0.8.1)
    diff-lcs (1.4.4)
    event_emitter (0.2.6)
    faraday (1.4.3)
      faraday-em_http (~> 1.0)
      faraday-em_synchrony (~> 1.0)
      faraday-excon (~> 1.1)
      faraday-net_http (~> 1.0)
      faraday-net_http_persistent (~> 1.1)
      multipart-post (>= 1.2, < 3)
      ruby2_keywords (>= 0.0.4)
    faraday-em_http (1.0.0)
    faraday-em_synchrony (1.0.0)
    faraday-excon (1.1.0)
    faraday-net_http (1.0.1)
    faraday-net_http_persistent (1.2.0)
    faraday_middleware (1.0.0)
      faraday (~> 1.0)
    multipart-post (2.1.1)
    rake (13.0.3)
    rspec (3.10.0)
      rspec-core (~> 3.10.0)
      rspec-expectations (~> 3.10.0)
      rspec-mocks (~> 3.10.0)
    rspec-core (3.10.1)
      rspec-support (~> 3.10.0)
    rspec-expectations (3.10.1)
      diff-lcs (>= 1.2.0, < 2.0)
      rspec-support (~> 3.10.0)
    rspec-mocks (3.10.2)
      diff-lcs (>= 1.2.0, < 2.0)
      rspec-support (~> 3.10.0)
    rspec-support (3.10.2)
    ruby2_keywords (0.0.4)
    thor (1.1.0)
    websocket (1.2.9)
    websocket-client-simple (0.3.0)
      event_emitter
      websocket

PLATFORMS
  ruby

DEPENDENCIES
  bitflyer-cli!
  bundler (~> 2.0)
  rake
  rspec

BUNDLED WITH
   2.0.2
