PATH
  remote: .
  specs:
    bitflyer-cli (0.5.0)
      bigdecimal
      bitflyer (>= 2.0)
      colorize (>= 0.8.1, < 1.2.0)
      thor (>= 0.20, < 1.4)

GEM
  remote: https://rubygems.org/
  specs:
    base64 (0.3.0)
    bigdecimal (3.2.2)
    bitflyer (2.0.1)
      faraday (>= 1.0)
      faraday_middleware (>= 1.2)
      websocket-client-simple (>= 0.9)
    colorize (1.1.0)
    diff-lcs (1.5.1)
    event_emitter (0.2.6)
    faraday (1.4.3)
      faraday-em_http (~> 1.0)
      faraday-em_synchrony (~> 1.0)
      faraday-excon (~> 1.1)
      faraday-net_http (~> 1.0)
      faraday-net_http_persistent (~> 1.1)
      multipart-post (>= 1.2, < 3)
      ruby2_keywords (>= 0.0.4)
    faraday-em_http (1.0.0)
    faraday-em_synchrony (1.0.0)
    faraday-excon (1.1.0)
    faraday-net_http (1.0.2)
    faraday-net_http_persistent (1.2.0)
    faraday_middleware (1.2.1)
      faraday (~> 1.0)
    multipart-post (2.4.1)
    mutex_m (0.3.0)
    rake (13.2.1)
    rspec (3.13.0)
      rspec-core (~> 3.13.0)
      rspec-expectations (~> 3.13.0)
      rspec-mocks (~> 3.13.0)
    rspec-core (3.13.0)
      rspec-support (~> 3.13.0)
    rspec-expectations (3.13.1)
      diff-lcs (>= 1.2.0, < 2.0)
      rspec-support (~> 3.13.0)
    rspec-mocks (3.13.1)
      diff-lcs (>= 1.2.0, < 2.0)
      rspec-support (~> 3.13.0)
    rspec-support (3.13.1)
    ruby2_keywords (0.0.5)
    thor (1.3.1)
    websocket (1.2.11)
    websocket-client-simple (0.9.0)
      base64
      event_emitter
      mutex_m
      websocket

PLATFORMS
  ruby

DEPENDENCIES
  bitflyer-cli!
  bundler (~> 2.0)
  rake
  rspec

BUNDLED WITH
   2.6.9
